GEM
  remote: https://rubygems.org/
  specs:
    coderay (1.1.2)
    daemons (1.2.6)
    eventmachine (1.2.7)
    method_source (0.9.0)
    mustermann (1.0.2)
    pry (0.11.3)
      coderay (~> 1.1.0)
      method_source (~> 0.9.0)
    rack (2.0.5)
    rack-protection (2.0.3)
      rack
    rake (12.3.1)
    require_all (2.0.0)
    shotgun (0.9.2)
      rack (>= 1.0)
    sinatra (2.0.3)
      mustermann (~> 1.0)
      rack (~> 2.0)
      rack-protection (= 2.0.3)
      tilt (~> 2.0)
    thin (1.7.2)
      daemons (~> 1.0, >= 1.0.9)
      eventmachine (~> 1.0, >= 1.0.4)
      rack (>= 1, < 3)
    tilt (2.0.8)

PLATFORMS
  ruby

DEPENDENCIES
  pry
  rake
  require_all
  shotgun
  sinatra
  thin

BUNDLED WITH
   1.16.1
